GEM
  remote: https://rubygems.org/
  specs:
    addressable (2.7.0)
      public_suffix (>= 2.0.2, < 5.0)
    concurrent-ruby (1.1.5)
    cool.io (1.6.0)
    declarative (0.0.10)
    declarative-option (0.1.0)
    dig_rb (1.0.1)
    domain_name (0.5.20190701)
      unf (>= 0.0.5, < 1.0.0)
    faraday (0.17.3)
      multipart-post (>= 1.2, < 3)
    ffi (1.12.1)
    ffi-compiler (1.0.1)
      ffi (>= 1.0.0)
      rake
    fluent-config-regexp-type (1.0.0)
      fluentd (> 1.0.0, < 2)
    fluent-plugin-concat (2.4.0)
      fluentd (>= 0.14.0, < 2)
    fluent-plugin-detect-exceptions (0.0.13)
      fluentd (>= 0.10)
    fluent-plugin-google-cloud (0.7.29)
      fluentd (= 1.6.3)
      google-api-client (= 0.30.8)
      google-cloud-logging (= 1.6.6)
      google-protobuf (= 3.9.0)
      googleapis-common-protos (= 1.3.9)
      googleauth (= 0.9.0)
      grpc (= 1.22.0)
      json (= 2.2.0)
    fluent-plugin-grok-parser (2.6.1)
      fluentd (>= 0.14.6, < 2)
    fluent-plugin-json-in-json-2 (1.0.2)
      fluentd (>= 0.14.0, < 2)
      yajl-ruby (~> 1.0)
    fluent-plugin-kubernetes_metadata_filter (2.3.0)
      fluentd (>= 0.14.0, < 2)
      kubeclient (< 5)
      lru_redux
    fluent-plugin-multi-format-parser (1.0.0)
      fluentd (>= 0.14.0, < 2)
    fluent-plugin-prometheus (1.6.1)
      fluentd (>= 0.14.20, < 2)
      prometheus-client (< 0.10)
    fluent-plugin-record-modifier (2.0.1)
      fluentd (>= 1.0, < 2)
    fluent-plugin-rewrite-tag-filter (2.2.0)
      fluent-config-regexp-type
      fluentd (>= 0.14.2, < 2)
    fluent-plugin-systemd (1.0.2)
      fluentd (>= 0.14.11, < 2)
      systemd-journal (~> 1.3.2)
    fluentd (1.6.3)
      cool.io (>= 1.4.5, < 2.0.0)
      dig_rb (~> 1.0.0)
      http_parser.rb (>= 0.5.1, < 0.7.0)
      msgpack (>= 0.7.0, < 2.0.0)
      serverengine (>= 2.0.4, < 3.0.0)
      sigdump (~> 0.2.2)
      strptime (>= 0.2.2, < 1.0.0)
      tzinfo (~> 1.0)
      tzinfo-data (~> 1.0)
      yajl-ruby (~> 1.0)
    google-api-client (0.30.8)
      addressable (~> 2.5, >= 2.5.1)
      googleauth (>= 0.5, < 0.10.0)
      httpclient (>= 2.8.1, < 3.0)
      mini_mime (~> 1.0)
      representable (~> 3.0)
      retriable (>= 2.0, < 4.0)
      signet (~> 0.10)
    google-cloud-core (1.5.0)
      google-cloud-env (~> 1.0)
      google-cloud-errors (~> 1.0)
    google-cloud-env (1.3.0)
      faraday (~> 0.11)
    google-cloud-errors (1.0.0)
    google-cloud-logging (1.6.6)
      concurrent-ruby (~> 1.1)
      google-cloud-core (~> 1.2)
      google-gax (~> 1.7)
      googleapis-common-protos-types (>= 1.0.2)
      stackdriver-core (~> 1.3)
    google-gax (1.7.1)
      google-protobuf (~> 3.2)
      googleapis-common-protos (>= 1.3.5, < 2.0)
      googleauth (>= 0.6.2, < 0.10.0)
      grpc (>= 1.7.2, < 2.0)
      rly (~> 0.2.3)
    google-protobuf (3.9.0)
    googleapis-common-protos (1.3.9)
      google-protobuf (~> 3.0)
      googleapis-common-protos-types (~> 1.0)
      grpc (~> 1.0)
    googleapis-common-protos-types (1.0.4)
      google-protobuf (~> 3.0)
    googleauth (0.9.0)
      faraday (~> 0.12)
      jwt (>= 1.4, < 3.0)
      memoist (~> 0.16)
      multi_json (~> 1.11)
      os (>= 0.9, < 2.0)
      signet (~> 0.7)
    grpc (1.22.0)
      google-protobuf (~> 3.8)
      googleapis-common-protos-types (~> 1.0)
    http (4.3.0)
      addressable (~> 2.3)
      http-cookie (~> 1.0)
      http-form_data (~> 2.2)
      http-parser (~> 1.2.0)
    http-accept (1.7.0)
    http-cookie (1.0.3)
      domain_name (~> 0.5)
    http-form_data (2.2.0)
    http-parser (1.2.1)
      ffi-compiler (>= 1.0, < 2.0)
    http_parser.rb (0.6.0)
    httpclient (2.8.3)
    json (2.2.0)
    jwt (2.2.1)
    kubeclient (4.6.0)
      http (>= 3.0, < 5.0)
      recursive-open-struct (~> 1.0, >= 1.0.4)
      rest-client (~> 2.0)
    lru_redux (1.1.0)
    memoist (0.16.2)
    mime-types (3.3.1)
      mime-types-data (~> 3.2015)
    mime-types-data (3.2019.1009)
    mini_mime (1.0.2)
    msgpack (1.3.1)
    multi_json (1.14.1)
    multipart-post (2.1.1)
    netrc (0.11.0)
    oj (3.8.1)
    os (1.0.1)
    prometheus-client (0.9.0)
      quantile (~> 0.2.1)
    public_suffix (4.0.3)
    quantile (0.2.1)
    rake (13.0.1)
    recursive-open-struct (1.1.0)
    representable (3.0.4)
      declarative (< 0.1.0)
      declarative-option (< 0.2.0)
      uber (< 0.2.0)
    rest-client (2.1.0)
      http-accept (>= 1.7.0, < 2.0)
      http-cookie (>= 1.0.2, < 2.0)
      mime-types (>= 1.16, < 4.0)
      netrc (~> 0.8)
    retriable (3.1.2)
    rly (0.2.3)
    serverengine (2.2.1)
      sigdump (~> 0.2.2)
    sigdump (0.2.4)
    signet (0.12.0)
      addressable (~> 2.3)
      faraday (~> 0.9)
      jwt (>= 1.5, < 3.0)
      multi_json (~> 1.10)
    stackdriver-core (1.4.0)
      google-cloud-core (~> 1.2)
    strptime (0.2.3)
    systemd-journal (1.3.3)
      ffi (~> 1.9)
    thread_safe (0.3.6)
    tzinfo (1.2.6)
      thread_safe (~> 0.1)
    tzinfo-data (1.2019.3)
      tzinfo (>= 1.0.0)
    uber (0.1.0)
    unf (0.1.4)
      unf_ext
    unf_ext (0.0.7.6)
    yajl-ruby (1.4.1)

PLATFORMS
  ruby

DEPENDENCIES
  ffi
  fluent-plugin-concat (~> 2.4.0)
  fluent-plugin-detect-exceptions (~> 0.0.12)
  fluent-plugin-google-cloud (~> 0.7.29)
  fluent-plugin-grok-parser (~> 2.6.0)
  fluent-plugin-json-in-json-2 (>= 1.0.2)
  fluent-plugin-kubernetes_metadata_filter (~> 2.3.0)
  fluent-plugin-multi-format-parser (~> 1.0.0)
  fluent-plugin-prometheus (~> 1.6.1)
  fluent-plugin-record-modifier (~> 2.0.0)
  fluent-plugin-rewrite-tag-filter (~> 2.2.0)
  fluent-plugin-systemd (~> 1.0.1)
  fluentd (= 1.6.3)
  oj (= 3.8.1)

BUNDLED WITH
   1.17.2
